GEM
  remote: https://rubygems.org/
  specs:
    fql (0.2.2)
      multi_json (~> 1.3.6)
    multi_json (1.3.6)

PLATFORMS
  ruby

DEPENDENCIES
  fql
